PATH
  remote: .
  specs:
    takwimu (0.1.0)
      multi_json (~> 1)
      statsd-ruby (~> 1.1)

GEM
  remote: https://rubygems.org/
  specs:
    docile (1.1.5)
    json (2.1.0)
    mini_portile2 (2.3.0)
    minitest (5.10.3)
    multi_json (1.13.1)
    nokogiri (1.8.2)
      mini_portile2 (~> 2.3.0)
    rake (10.5.0)
    simplecov (0.15.1)
      docile (~> 1.1.0)
      json (>= 1.8, < 3)
      simplecov-html (~> 0.10.0)
    simplecov-html (0.10.2)
    statsd-ruby (1.4.0)

PLATFORMS
  ruby

DEPENDENCIES
  bundler (~> 1.15)
  minitest (~> 5.3)
  nokogiri (~> 1)
  rake (~> 10)
  simplecov
  takwimu!

BUNDLED WITH
   1.16.1
